GEM
  remote: http://rubygems.org/
  specs:
    cinch (2.0.3)
    ffi (1.1.5)
    gdbm (1.2)
    json (1.7.5)
    net-ldap (0.3.1)
    nokogiri (1.5.5)
    sanitize (2.0.3)
      nokogiri (>= 1.4.4, < 1.6)

PLATFORMS
  ruby

DEPENDENCIES
  cinch
  ffi
  gdbm
  json
  net-ldap
  sanitize
